PATH
  remote: ../sk_api_schema/
  specs:
    sk_api_schema (0.4.3)
      activesupport

GEM
  remote: http://ruby.taobao.org/
  specs:
    activesupport (3.2.7)
      i18n (~> 0.6)
      multi_json (~> 1.0)
    haml (3.1.6)
    i18n (0.6.0)
    multi_json (1.3.6)
    rack (1.4.1)
    rack-protection (1.2.0)
      rack
    sinatra (1.3.2)
      rack (~> 1.3, >= 1.3.6)
      rack-protection (~> 1.2)
      tilt (~> 1.3, >= 1.3.3)
    sinatra-partial (0.3.1)
      sinatra
    tilt (1.3.3)

PLATFORMS
  ruby

DEPENDENCIES
  activesupport
  haml
  i18n
  sinatra
  sinatra-partial
  sk_api_schema!
